GEM
  remote: https://rubygems.org/
  specs:
    embulk-filter-column (0.6.0)
    embulk-input-redshift (0.8.3)
    embulk-output-elasticsearch (0.4.2)
    embulk-parser-jsonpath (0.2.0)
      json (~> 2.0.2)
      jsonpath (~> 0.5.8)
    json (2.0.4)
    json (2.0.4-java)
    jsonpath (0.5.8)
      multi_json
    multi_json (1.12.2)

PLATFORMS
  java
  ruby

DEPENDENCIES
  embulk-filter-column
  embulk-input-redshift
  embulk-output-elasticsearch
  embulk-parser-jsonpath (~> 0.2.0)

BUNDLED WITH
   1.15.1
